GEM
  remote: http://mirrors.tuna.tsinghua.edu.cn/rubygems/
  remote: http://ruby.taobao.org/
  specs:
    actionmailer (3.2.3.rc2)
      actionpack (= 3.2.3.rc2)
      mail (~> 2.4.4)
    actionpack (3.2.3.rc2)
      activemodel (= 3.2.3.rc2)
      activesupport (= 3.2.3.rc2)
      builder (~> 3.0.0)
      erubis (~> 2.7.0)
      journey (~> 1.0.1)
      rack (~> 1.4.0)
      rack-cache (~> 1.2)
      rack-test (~> 0.6.1)
      sprockets (~> 2.1.2)
    activemodel (3.2.3.rc2)
      activesupport (= 3.2.3.rc2)
      builder (~> 3.0.0)
    activerecord (3.2.3.rc2)
      activemodel (= 3.2.3.rc2)
      activesupport (= 3.2.3.rc2)
      arel (~> 3.0.2)
      tzinfo (~> 0.3.29)
    activeresource (3.2.3.rc2)
      activemodel (= 3.2.3.rc2)
      activesupport (= 3.2.3.rc2)
    activesupport (3.2.3.rc2)
      i18n (~> 0.6)
      multi_json (~> 1.0)
    acts-as-taggable-on (2.3.3)
      rails (~> 3.0)
    arel (3.0.2)
    bcrypt-ruby (3.0.1)
    bootstrap-will_paginate (0.0.9)
      will_paginate
    builder (3.0.4)
    chronic (0.10.1)
    coffee-rails (3.2.2)
      coffee-script (>= 2.2.0)
      railties (~> 3.2.0)
    coffee-script (2.2.0)
      coffee-script-source
      execjs
    coffee-script-source (1.6.2)
    devise (2.2.1)
      bcrypt-ruby (~> 3.0)
      orm_adapter (~> 0.1)
      railties (~> 3.1)
      warden (~> 1.2.1)
    erubis (2.7.0)
    execjs (1.4.0)
      multi_json (~> 1.0)
    faraday (0.8.4)
      multipart-post (~> 1.1)
    hashie (1.2.0)
    hike (1.2.2)
    httpauth (0.1)
    i18n (0.6.4)
    journey (1.0.4)
    jquery-rails (2.2.1)
      railties (>= 3.0, < 5.0)
      thor (>= 0.14, < 2.0)
    json (1.7.7)
    jwt (0.1.5)
      multi_json (>= 1.0)
    mail (2.4.4)
      i18n (>= 0.4.0)
      mime-types (~> 1.16)
      treetop (~> 1.4.8)
    mime-types (1.22)
    multi_json (1.7.2)
    multipart-post (1.1.5)
    mysql2 (0.3.11)
    nokogiri (1.5.9)
    oauth (0.4.7)
    oauth2 (0.8.0)
      faraday (~> 0.8)
      httpauth (~> 0.1)
      jwt (~> 0.1.4)
      multi_json (~> 1.0)
      rack (~> 1.2)
    omniauth (1.1.1)
      hashie (~> 1.2)
      rack
    omniauth-oauth (1.0.1)
      oauth
      omniauth (~> 1.0)
    omniauth-oauth2 (1.1.0)
      oauth2 (~> 0.8.0)
      omniauth (~> 1.0)
    omniauth-qq (0.3.0)
      multi_json
      omniauth (~> 1.0)
      omniauth-oauth (~> 1.0)
      omniauth-oauth2 (~> 1.0)
    omniauth-qq-connect (0.2.0)
      omniauth (~> 1.0)
      omniauth-oauth2 (~> 1.0)
    omniauth-weibo-oauth2 (0.2.0)
      omniauth (~> 1.0)
      omniauth-oauth2 (~> 1.0)
    orm_adapter (0.4.0)
    polyglot (0.3.3)
    rack (1.4.5)
    rack-cache (1.2)
      rack (>= 0.4)
    rack-ssl (1.3.3)
      rack
    rack-test (0.6.2)
      rack (>= 1.0)
    rails (3.2.3.rc2)
      actionmailer (= 3.2.3.rc2)
      actionpack (= 3.2.3.rc2)
      activerecord (= 3.2.3.rc2)
      activeresource (= 3.2.3.rc2)
      activesupport (= 3.2.3.rc2)
      bundler (~> 1.0)
      railties (= 3.2.3.rc2)
    railties (3.2.3.rc2)
      actionpack (= 3.2.3.rc2)
      activesupport (= 3.2.3.rc2)
      rack-ssl (~> 1.3.2)
      rake (>= 0.8.7)
      rdoc (~> 3.4)
      thor (~> 0.14.6)
    rake (10.1.0)
    rdoc (3.12.2)
      json (~> 1.4)
    rest-client (1.6.7)
      mime-types (>= 1.16)
    sass (3.2.7)
    sass-rails (3.2.6)
      railties (~> 3.2.0)
      sass (>= 3.1.10)
      tilt (~> 1.3)
    sprockets (2.1.3)
      hike (~> 1.2)
      rack (~> 1.0)
      tilt (~> 1.1, != 1.3.0)
    sqlite3 (1.3.7)
    thor (0.14.6)
    tilt (1.3.7)
    treetop (1.4.12)
      polyglot
      polyglot (>= 0.3.1)
    tzinfo (0.3.37)
    uglifier (2.0.1)
      execjs (>= 0.3.0)
      multi_json (~> 1.0, >= 1.0.2)
    uuidtools (2.1.4)
    warden (1.2.1)
      rack (>= 1.0)
    whenever (0.8.4)
      activesupport (>= 2.3.4)
      chronic (>= 0.6.3)
    will_paginate (3.0.3)

PLATFORMS
  ruby

DEPENDENCIES
  acts-as-taggable-on
  bootstrap-will_paginate
  coffee-rails (~> 3.2.1)
  devise (= 2.2.1)
  jquery-rails
  mysql2
  nokogiri
  omniauth-qq
  omniauth-qq-connect
  omniauth-weibo-oauth2 (~> 0.2.0)
  rails (= 3.2.3.rc2)
  rest-client
  sass-rails (~> 3.2.3)
  sqlite3
  uglifier (>= 1.0.3)
  uuidtools
  whenever
  will_paginate
